GIT
  remote: git://github.com/chriseppstein/compass
  revision: b868089aaf97a9a9b9db52946f86330bde003a80
  branch: master
  specs:
    compass (0.13.alpha.2.b868089)
      chunky_png (~> 1.2)
      listen (<= 0.9.9)
      sass (~> 3.2.5)

GIT
  remote: git://github.com/ericam/susy
  revision: 720d05eafeb1a9dd85094f9b5b947cec917c5b27
  branch: master
  specs:
    susy (1.0.7)
      compass (>= 0.12.2)
      sass (>= 3.2.0)

GEM
  remote: http://rubygems.org/
  specs:
    animate (0.2.beta.0)
      compass (>= 0.13.alpha.0)
      sass (>= 3.2.0)
    breakpoint (1.3)
      compass (>= 0.12.1)
      sass (>= 3.2.0)
    chunky_png (1.2.7)
    listen (0.7.3)
    modular-scale (1.0.6)
      compass (>= 0.12.1)
      sass (>= 3.2.0)
      sassy-math (>= 1.5)
    rb-fsevent (0.9.3)
    sass (3.2.7)
    sassy-math (1.5)
      compass (~> 0.11)

PLATFORMS
  ruby

DEPENDENCIES
  animate (~> 0.2.beta.0)
  breakpoint (~> 1.3)
  chunky_png (~> 1.2.6)
  compass!
  modular-scale (~> 1.0.2)
  rb-fsevent (~> 0.9.2)
  sass (~> 3.2.3)
  susy!
